GIT
  remote: https://github.com/daemonsy/spree_showcase.git
  revision: ff6fcf4130229beb83aa1d7be46661b4698ac40c
  branch: master
  specs:
    spree_showcase (0.6.0)
      spree_core (>= 1.3.0)

GIT
  remote: https://github.com/globalize/globalize.git
  revision: 3acfa8dd914ffe3911af17c5e8b0b25d3f0d3f6d
  tag: v0.2.0
  specs:
    globalize3 (0.2.0)
      activemodel (>= 3.0.0)
      activerecord (>= 3.0.0)
      paper_trail (~> 2)

GIT
  remote: https://github.com/jdutil/spree_sitemap
  revision: 0b10a8e2d57a0046565ca3d6b7e6868e50dccff2
  branch: master
  specs:
    spree_sitemap (2.0.0.beta)
      sitemap_generator (~> 4.2.0)
      spree_core (>= 1.0.0)

GIT
  remote: https://github.com/jipiboily/spree_multi_lingual.git
  revision: 2955b2e09a1ae5c4faed3a57e7e4a61730f7334c
  branch: 1-3-stable
  specs:
    spree_multi_lingual (1.0.0)
      coffee-rails
      easy_globalize3_accessors
      globalize3 (= 0.2.0)
      i18n
      rack-contrib
      routing-filter (~> 0.3.1)
      spree_core (~> 1.3)
      spree_promo (~> 1.3)

GIT
  remote: https://github.com/picazoH/spree_contact_us.git
  revision: f63d38dd36bce5cf094996b18e99555eb52f5fc1
  branch: master
  specs:
    spree_contact_us (1.1.0)
      spree_core (~> 1.3.1)

GIT
  remote: https://github.com/picazoH/spree_kiala.git
  revision: 7f2685a260456ed659e8364e76aaf37de37bc6db
  branch: master
  specs:
    spree_kiala (0.1.0)
      spree_core (>= 1.3.2)

GIT
  remote: https://github.com/picazoH/spree_variant_all_options.git
  revision: fe3ecd1f184af4361f531cf7b685aa41f344027e
  branch: master
  specs:
    spree_variant_all_options (0.0.1)
      spree_core (>= 1.3)

GIT
  remote: https://github.com/picazoH/spree_variant_options.git
  revision: 4e24a8845311b6a74724b7044e06714519598fd9
  branch: 1-3-stable
  specs:
    spree_variant_options (0.5.0)
      spree_core (>= 1.1.1)

GIT
  remote: https://github.com/sbounmy/spree_minicart.git
  revision: 6663c533c75e65c55c258eee91450cbde091edb3
  branch: 1-3-stable
  specs:
    spree_minicart (1.1.3)
      spree_core (~> 1.3.0)
      spree_sample

GIT
  remote: https://github.com/spree/spree.git
  revision: e258ac93640ffc03bd1d955e7d3f0464282ab9f0
  ref: e258ac93640ffc03bd1d955e7d3f0464282ab9f0
  specs:
    spree (1.3.3)
      spree_api (= 1.3.3)
      spree_cmd (= 1.3.3)
      spree_core (= 1.3.3)
      spree_promo (= 1.3.3)
      spree_sample (= 1.3.3)
    spree_api (1.3.3)
      spree_core (= 1.3.3)
      versioncake (= 0.4.0)
    spree_cmd (1.3.3)
      thor (>= 0.14.6)
    spree_core (1.3.3)
      activemerchant (~> 1.34)
      acts_as_list (= 0.1.4)
      awesome_nested_set (= 2.1.5)
      aws-sdk (~> 1.11.1)
      cancan (= 1.6.8)
      deface (>= 0.9.0)
      ffaker (~> 1.15.0)
      highline (= 1.6.18)
      jquery-rails (~> 2.2.0)
      json (>= 1.5.5)
      kaminari (= 0.14.1)
      money (= 5.1.1)
      paperclip (~> 2.8)
      rabl (= 0.7.2)
      rails (~> 3.2.14)
      ransack (= 0.7.2)
      select2-rails (= 3.2.1)
      state_machine (= 1.1.2)
      stringex (~> 1.3.2)
      truncate_html (~> 0.5.5)
    spree_promo (1.3.3)
      spree_core (= 1.3.3)
    spree_sample (1.3.3)
      spree_core (= 1.3.3)

GIT
  remote: https://github.com/spree/spree_auth_devise
  revision: 0be544ef895d38b0b07ba6ba12284bfa1c23bba4
  branch: 1-3-stable
  specs:
    spree_auth_devise (1.0.0)
      cancan (~> 1.6.7)
      devise (~> 2.2.3)
      devise-encryptable (= 0.1.2)
      spree_core

GIT
  remote: https://github.com/spree/spree_editor.git
  revision: 10126b29f07ec4f96db075710ca2fedf98997298
  branch: 1-3-stable
  specs:
    spree_editor (1.0.1)
      ckeditor (~> 4.0.2)
      spree_core (>= 1.0.0)
      tinymce-rails (>= 3.4.7.0.1)

GIT
  remote: https://github.com/spree/spree_i18n.git
  revision: 752eb67204e9c5a4e22b62591a8fd55fe2285e43
  branch: 1-3-stable
  specs:
    spree_i18n (1.0.0)
      i18n (~> 0.5)
      rails-i18n
      spree_core (>= 1.1)

GIT
  remote: https://github.com/spree/spree_paypal_express.git
  revision: d63b1c339bc75761ccd3026e233724bad260ca64
  branch: 1-3-stable
  specs:
    spree_paypal_express (1.2.0)
      spree_core (~> 1.3.0)

GIT
  remote: https://github.com/spree/spree_product_zoom.git
  revision: be2d9aa8cffe05775f08961607842ddb3407e9d6
  branch: 1-3-stable
  specs:
    spree_product_zoom (1.3)
      spree_core (~> 1.2)

GIT
  remote: https://github.com/spree/spree_related_products.git
  revision: 12d8a039a999ed3bd2fc92039a33e6cf8fb0c52e
  branch: 1-3-stable
  specs:
    spree_related_products (3.2)
      spree_core (~> 1.3.0)
      spree_promo (~> 1.3.0)

GIT
  remote: https://github.com/spree/spree_reviews.git
  revision: bb698b9d9a680498ceae096c2c6b86ef9fe5fab5
  branch: 1-3-stable
  specs:
    spree_reviews (1.0.0)
      spree_core (~> 1.3)

GIT
  remote: https://github.com/spree/spree_social.git
  revision: e0b45b4dc9a9c1137233e33cc1323f425c76cfff
  branch: 1-3-stable
  specs:
    spree_social (2.3.0)
      oa-core
      omniauth
      omniauth-facebook
      omniauth-github
      omniauth-google-oauth2
      omniauth-twitter
      spree_core (~> 1.3.0)

GIT
  remote: https://github.com/spree/spree_social_products.git
  revision: 6e2516760fccc3060662f2d46d2f22c54e1a9966
  branch: 1-3-stable
  specs:
    spree_social_products (1.3)
      spree_core (~> 1.3)

GIT
  remote: https://github.com/spree/spree_static_content.git
  revision: b1aaf840db14993c9a7e9e60ed19f8aa421862a9
  branch: 1-3-stable
  specs:
    spree_static_content (1.3.0.beta)
      spree_core (~> 1.3.0)

GIT
  remote: https://github.com/spree/spree_volume_pricing
  revision: a6448f3b86878b5f93c27c5b1633259fd164325b
  branch: 1-3-stable
  specs:
    spree_volume_pricing (3.3.0)
      spree_core (~> 1.1)

GIT
  remote: https://github.com/svenfuchs/rails-i18n.git
  revision: 5f915a666caf3d228d89b1c54db7f02ab5dc6134
  branch: rails-3-x
  specs:
    rails-i18n (3.0.0.pre)
      i18n (~> 0.5)
      rails (>= 3.0.0, < 4.0.0)

PATH
  remote: ../spree_sermepa
  specs:
    spree_sermepa (1.2.3)
      active_merchant_sermepa (>= 0.1.1)
      spree_core (>= 1.1.4)

PATH
  remote: spree_tbd_customization
  specs:
    spree_tbd_customization (1.2.3.beta)

GEM
  remote: https://rubygems.org/
  specs:
    actionmailer (3.2.14)
      actionpack (= 3.2.14)
      mail (~> 2.5.4)
    actionpack (3.2.14)
      activemodel (= 3.2.14)
      activesupport (= 3.2.14)
      builder (~> 3.0.0)
      erubis (~> 2.7.0)
      journey (~> 1.0.4)
      rack (~> 1.4.5)
      rack-cache (~> 1.2)
      rack-test (~> 0.6.1)
      sprockets (~> 2.2.1)
    active_merchant_sermepa (0.1.1)
      activemerchant (>= 1.9.4)
    active_utils (2.0.1)
      activesupport (>= 2.3.11)
      i18n
    activemerchant (1.41.0)
      active_utils (~> 2.0, >= 2.0.1)
      activesupport (>= 2.3.14, < 5.0.0)
      builder (>= 2.1.2, < 4.0.0)
      i18n (~> 0.5)
      json (~> 1.7)
      money (< 6.0.0)
      nokogiri (~> 1.4)
    activemodel (3.2.14)
      activesupport (= 3.2.14)
      builder (~> 3.0.0)
    activerecord (3.2.14)
      activemodel (= 3.2.14)
      activesupport (= 3.2.14)
      arel (~> 3.0.2)
      tzinfo (~> 0.3.29)
    activeresource (3.2.14)
      activemodel (= 3.2.14)
      activesupport (= 3.2.14)
    activesupport (3.2.14)
      i18n (~> 0.6, >= 0.6.4)
      multi_json (~> 1.0)
    acts_as_list (0.1.4)
    arel (3.0.2)
    awesome_nested_set (2.1.5)
      activerecord (>= 3.0.0)
    aws-sdk (1.11.3)
      json (~> 1.4)
      nokogiri (< 1.6.0)
      uuidtools (~> 2.1)
    bcrypt-ruby (3.1.2)
    bootstrap-sass (2.3.2.1)
      sass (~> 3.2)
    builder (3.0.4)
    cancan (1.6.8)
    capistrano (2.14.2)
      highline
      net-scp (>= 1.0.0)
      net-sftp (>= 2.0.0)
      net-ssh (>= 2.0.14)
      net-ssh-gateway (>= 1.1.0)
    chronic (0.9.1)
    chunky_png (1.2.7)
    ckeditor (4.0.4)
      mime-types
      orm_adapter
    climate_control (0.0.3)
      activesupport (>= 3.0)
    cocaine (0.5.3)
      climate_control (>= 0.0.3, < 1.0)
    coffee-rails (3.2.2)
      coffee-script (>= 2.2.0)
      railties (~> 3.2.0)
    coffee-script (2.2.0)
      coffee-script-source
      execjs
    coffee-script-source (1.6.3)
    colorize (0.6.0)
    compass (0.12.2)
      chunky_png (~> 1.2)
      fssm (>= 0.2.7)
      sass (~> 3.1)
    compass-rails (1.0.3)
      compass (>= 0.12.2, < 0.14)
    deface (1.0.0.rc2)
      colorize (>= 0.5.8)
      nokogiri (~> 1.5.9)
      rails (~> 3.1)
    devise (2.2.7)
      bcrypt-ruby (~> 3.0)
      orm_adapter (~> 0.1)
      railties (~> 3.1)
      warden (~> 1.2.1)
    devise-encryptable (0.1.2)
      devise (>= 2.1.0)
    easy_globalize3_accessors (1.2.0)
      globalize3 (~> 0.2.0.beta1)
    erubis (2.7.0)
    execjs (2.0.2)
    faraday (0.8.8)
      multipart-post (~> 1.2.0)
    ffaker (1.15.0)
    font-awesome-rails (3.2.1.1)
      railties (>= 3.2, < 5.0)
    foreman (0.62.0)
      thor (>= 0.13.6)
    fssm (0.2.9)
    hashie (2.0.5)
    highline (1.6.18)
    hike (1.2.3)
    httpauth (0.2.0)
    i18n (0.6.5)
    journey (1.0.4)
    jquery-rails (2.2.2)
      railties (>= 3.0, < 5.0)
      thor (>= 0.14, < 2.0)
    json (1.8.1)
    jwt (0.1.8)
      multi_json (>= 1.5)
    kaminari (0.14.1)
      actionpack (>= 3.0.0)
      activesupport (>= 3.0.0)
    kgio (2.8.0)
    libv8 (3.11.8.17)
    mail (2.5.4)
      mime-types (~> 1.16)
      treetop (~> 1.4.8)
    mime-types (1.25)
    money (5.1.1)
      i18n (~> 0.6.0)
    multi_json (1.8.2)
    multipart-post (1.2.0)
    mysql2 (0.3.11)
    net-scp (1.1.0)
      net-ssh (>= 2.6.5)
    net-sftp (2.1.1)
      net-ssh (>= 2.6.5)
    net-ssh (2.6.6)
    net-ssh-gateway (1.2.0)
      net-ssh (>= 2.6.5)
    newrelic_rpm (3.6.3.104)
    nokogiri (1.5.10)
    oa-core (0.3.2)
    oauth (0.4.7)
    oauth2 (0.8.1)
      faraday (~> 0.8)
      httpauth (~> 0.1)
      jwt (~> 0.1.4)
      multi_json (~> 1.0)
      rack (~> 1.2)
    omniauth (1.1.4)
      hashie (>= 1.2, < 3)
      rack
    omniauth-facebook (1.4.1)
      omniauth-oauth2 (~> 1.1.0)
    omniauth-github (1.1.1)
      omniauth (~> 1.0)
      omniauth-oauth2 (~> 1.1)
    omniauth-google-oauth2 (0.2.1)
      omniauth (~> 1.0)
      omniauth-oauth2
    omniauth-oauth (1.0.1)
      oauth
      omniauth (~> 1.0)
    omniauth-oauth2 (1.1.1)
      oauth2 (~> 0.8.0)
      omniauth (~> 1.0)
    omniauth-twitter (1.0.1)
      multi_json (~> 1.3)
      omniauth-oauth (~> 1.0)
    orm_adapter (0.4.0)
    paper_trail (2.7.2)
      activerecord (~> 3.0)
      railties (~> 3.0)
    paperclip (2.8.0)
      activerecord (>= 2.3.0)
      activesupport (>= 2.3.2)
      cocaine (>= 0.0.2)
      mime-types
    polyamorous (0.5.0)
      activerecord (~> 3.0)
    polyglot (0.3.3)
    rabl (0.7.2)
      activesupport (>= 2.3.14)
      multi_json (~> 1.0)
    rack (1.4.5)
    rack-cache (1.2)
      rack (>= 0.4)
    rack-contrib (1.1.0)
      rack (>= 0.9.1)
    rack-ssl (1.3.3)
      rack
    rack-test (0.6.2)
      rack (>= 1.0)
    rails (3.2.14)
      actionmailer (= 3.2.14)
      actionpack (= 3.2.14)
      activerecord (= 3.2.14)
      activeresource (= 3.2.14)
      activesupport (= 3.2.14)
      bundler (~> 1.0)
      railties (= 3.2.14)
    railties (3.2.14)
      actionpack (= 3.2.14)
      activesupport (= 3.2.14)
      rack-ssl (~> 1.3.2)
      rake (>= 0.8.7)
      rdoc (~> 3.4)
      thor (>= 0.14.6, < 2.0)
    raindrops (0.10.0)
    rake (10.1.0)
    ransack (0.7.2)
      actionpack (~> 3.0)
      activerecord (~> 3.0)
      polyamorous (~> 0.5.0)
    rdoc (3.12.2)
      json (~> 1.4)
    ref (1.0.5)
    routing-filter (0.3.1)
      actionpack
    sass (3.2.10)
    sass-rails (3.2.6)
      railties (~> 3.2.0)
      sass (>= 3.1.10)
      tilt (~> 1.3)
    select2-rails (3.2.1)
      thor (~> 0.14)
    sitemap_generator (4.2.0)
      builder
    sprockets (2.2.2)
      hike (~> 1.2)
      multi_json (~> 1.0)
      rack (~> 1.0)
      tilt (~> 1.1, != 1.3.0)
    state_machine (1.1.2)
    stringex (1.3.3)
    therubyracer (0.11.4)
      libv8 (~> 3.11.8.12)
      ref
    thor (0.18.1)
    tilt (1.4.1)
    tinymce-rails (3.5.8.2)
      railties (>= 3.1.1)
    treetop (1.4.15)
      polyglot
      polyglot (>= 0.3.1)
    truncate_html (0.5.5)
    turbo-sprockets-rails3 (0.3.6)
      railties (> 3.2.8, < 4.0.0)
      sprockets (>= 2.0.0)
    tzinfo (0.3.38)
    uglifier (2.0.1)
      execjs (>= 0.3.0)
      multi_json (~> 1.0, >= 1.0.2)
    unicorn (4.6.2)
      kgio (~> 2.6)
      rack
      raindrops (~> 0.7)
    uuidtools (2.1.4)
    versioncake (0.4.0)
      actionpack (>= 3.0)
      activesupport (>= 3.0)
      railties (>= 3.0)
    warden (1.2.3)
      rack (>= 1.0)
    whenever (0.8.2)
      activesupport (>= 2.3.4)
      chronic (>= 0.6.3)

PLATFORMS
  ruby

DEPENDENCIES
  bootstrap-sass (~> 2.3.2.1)
  capistrano
  ckeditor (~> 4.0.2)
  coffee-rails (~> 3.2.1)
  compass-rails
  deface (= 1.0.0.rc2)
  font-awesome-rails
  foreman
  globalize3!
  jquery-rails (~> 2.2.0)
  mysql2
  newrelic_rpm
  rails (= 3.2.14)
  rails-i18n!
  sass-rails (~> 3.2.6)
  spree!
  spree_auth_devise!
  spree_contact_us!
  spree_editor!
  spree_i18n!
  spree_kiala!
  spree_minicart!
  spree_multi_lingual!
  spree_paypal_express!
  spree_product_zoom!
  spree_related_products!
  spree_reviews!
  spree_sermepa!
  spree_showcase!
  spree_sitemap!
  spree_social!
  spree_social_products!
  spree_static_content!
  spree_tbd_customization!
  spree_variant_all_options!
  spree_variant_options!
  spree_volume_pricing!
  therubyracer
  tinymce-rails (>= 3.4.7.0.1)
  turbo-sprockets-rails3
  uglifier (>= 1.0.3)
  unicorn
  whenever
