GIT
  remote: git://github.com/scudco/spree_volume_pricing.git
  revision: 81fb70105ad12298109f9eb07a6409665049cf59
  branch: update-for-spree-1.2
  specs:
    spree_volume_pricing (3.2.0)
      spree_core (>= 1.2.0.rc1)

GIT
  remote: git://github.com/spree/spree.git
  revision: f265071edaea0b20004d32de2d24083f9286fc5b
  branch: 1-2-stable
  specs:
    spree (1.2.3.beta)
      spree_api (= 1.2.3.beta)
      spree_cmd (= 1.2.3.beta)
      spree_core (= 1.2.3.beta)
      spree_dash (= 1.2.3.beta)
      spree_promo (= 1.2.3.beta)
      spree_sample (= 1.2.3.beta)
    spree_api (1.2.3.beta)
      spree_core (= 1.2.3.beta)
    spree_cmd (1.2.3.beta)
      thor (>= 0.14.6)
    spree_core (1.2.3.beta)
      activemerchant (= 1.28.0)
      acts_as_list (= 0.1.4)
      awesome_nested_set (= 2.1.4)
      aws-sdk (~> 1.3.4)
      cancan (= 1.6.7)
      deface (>= 0.9.0)
      ffaker (~> 1.12.0)
      highline (= 1.6.11)
      jquery-rails (~> 2.0)
      kaminari (= 0.13.0)
      money (= 5.0.0)
      paperclip (~> 2.8)
      rabl (= 0.7.2)
      rails (~> 3.2.9)
      ransack (~> 0.7.0)
      select2-rails (~> 3.0)
      state_machine (= 1.1.2)
      stringex (~> 1.3.2)
    spree_dash (1.2.3.beta)
      httparty (~> 0.8.1)
      spree_core (= 1.2.3.beta)
    spree_promo (1.2.3.beta)
      spree_core (= 1.2.3.beta)
    spree_sample (1.2.3.beta)
      spree_core (= 1.2.3.beta)

GIT
  remote: git://github.com/spree/spree_auth_devise
  revision: e0c50cfaa950371b426f6c1b9821c5c13919c934
  branch: 1-2-stable
  specs:
    spree_auth_devise (1.0.0)
      cancan (= 1.6.7)
      devise (~> 2.0.4)
      spree_core

GIT
  remote: git://github.com/spree/spree_i18n.git
  revision: 9cca6cfc9a36d9f20c6f42b577b2f577ad309167
  specs:
    spree_i18n (1.0.0)
      i18n (~> 0.5)
      spree (~> 1.1)

GIT
  remote: git://github.com/spree/spree_paypal_express.git
  revision: 55668e8aebeea1ec00a96e2764c1a29cb047296f
  branch: 1-2-stable
  specs:
    spree_paypal_express (1.2.0)
      spree_core (~> 1.2)

GIT
  remote: git://github.com/spree/spree_related_products.git
  revision: b9cc61a91e37b57281fed8948e27fc070107d367
  branch: 1-2-stable
  specs:
    spree_related_products (3.2)
      spree_core (~> 1.2.0)
      spree_promo (~> 1.2.0)

GIT
  remote: git://github.com/spree/spree_reviews.git
  revision: 85b95bca6129724b43c5518f91d39508b9d27e28
  branch: master
  specs:
    spree_reviews (1.0.0)
      spree_core (~> 1.2)

GIT
  remote: git://github.com/spree/spree_social_products.git
  revision: 068c1118fa357ba8ed78a8aec3d09d9cce526b60
  branch: master
  specs:
    spree_social_products (1.2)
      spree_core (~> 1.2)

GIT
  remote: git://github.com/spree/spree_static_content.git
  revision: d775ecf38a71365f4ee030451611fe55871e27b2
  branch: 1-2-stable
  specs:
    spree_static_content (1.1.0.beta)
      spree_core (~> 1.2.0)

GIT
  remote: git://github.com/svenfuchs/rails-i18n.git
  revision: 2f43159ab0d7c76a0c9ff3479c28e35063340e1f
  specs:
    rails-i18n (0.7.1)
      i18n (~> 0.5)

PATH
  remote: ../spree_sermepa
  specs:
    spree_sermepa (1.2.3)
      active_merchant_sermepa (>= 0.1.1)
      spree_core (~> 1.2.0)

PATH
  remote: spree_tbd_customization
  specs:
    spree_tbd_customization (1.2.3.beta)
      spree_core (~> 1.2.3.beta)

GEM
  remote: https://rubygems.org/
  specs:
    actionmailer (3.2.9)
      actionpack (= 3.2.9)
      mail (~> 2.4.4)
    actionpack (3.2.9)
      activemodel (= 3.2.9)
      activesupport (= 3.2.9)
      builder (~> 3.0.0)
      erubis (~> 2.7.0)
      journey (~> 1.0.4)
      rack (~> 1.4.0)
      rack-cache (~> 1.2)
      rack-test (~> 0.6.1)
      sprockets (~> 2.2.1)
    active_merchant_sermepa (0.1.1)
      activemerchant (>= 1.9.4)
    active_utils (1.0.5)
      activesupport (>= 2.3.11)
      i18n
    activemerchant (1.28.0)
      active_utils (>= 1.0.2)
      activesupport (>= 2.3.11)
      builder (>= 2.0.0)
      i18n
      json (>= 1.5.1)
      money
      nokogiri
    activemodel (3.2.9)
      activesupport (= 3.2.9)
      builder (~> 3.0.0)
    activerecord (3.2.9)
      activemodel (= 3.2.9)
      activesupport (= 3.2.9)
      arel (~> 3.0.2)
      tzinfo (~> 0.3.29)
    activeresource (3.2.9)
      activemodel (= 3.2.9)
      activesupport (= 3.2.9)
    activesupport (3.2.9)
      i18n (~> 0.6)
      multi_json (~> 1.0)
    acts_as_list (0.1.4)
    arel (3.0.2)
    awesome_nested_set (2.1.4)
      activerecord (>= 3.0.0)
    aws-sdk (1.3.9)
      httparty (~> 0.7)
      json (~> 1.4)
      nokogiri (>= 1.4.4)
      uuidtools (~> 2.1)
    bcrypt-ruby (3.0.1)
    builder (3.0.4)
    cancan (1.6.7)
    cocaine (0.4.2)
    coffee-rails (3.2.2)
      coffee-script (>= 2.2.0)
      railties (~> 3.2.0)
    coffee-script (2.2.0)
      coffee-script-source
      execjs
    coffee-script-source (1.4.0)
    deface (0.9.1)
      nokogiri (~> 1.5.0)
      rails (~> 3.1)
    devise (2.0.4)
      bcrypt-ruby (~> 3.0)
      orm_adapter (~> 0.0.3)
      railties (~> 3.1)
      warden (~> 1.1.1)
    erubis (2.7.0)
    execjs (1.4.0)
      multi_json (~> 1.0)
    ffaker (1.12.1)
    highline (1.6.11)
    hike (1.2.1)
    httparty (0.8.3)
      multi_json (~> 1.0)
      multi_xml
    i18n (0.6.1)
    journey (1.0.4)
    jquery-rails (2.1.4)
      railties (>= 3.0, < 5.0)
      thor (>= 0.14, < 2.0)
    json (1.7.5)
    kaminari (0.13.0)
      actionpack (>= 3.0.0)
      activesupport (>= 3.0.0)
      railties (>= 3.0.0)
    mail (2.4.4)
      i18n (>= 0.4.0)
      mime-types (~> 1.16)
      treetop (~> 1.4.8)
    mime-types (1.19)
    money (5.0.0)
      i18n (~> 0.4)
      json
    multi_json (1.4.0)
    multi_xml (0.5.1)
    mysql2 (0.3.11)
    nokogiri (1.5.5)
    orm_adapter (0.0.7)
    paperclip (2.8.0)
      activerecord (>= 2.3.0)
      activesupport (>= 2.3.2)
      cocaine (>= 0.0.2)
      mime-types
    polyamorous (0.5.0)
      activerecord (~> 3.0)
    polyglot (0.3.3)
    rabl (0.7.2)
      activesupport (>= 2.3.14)
      multi_json (~> 1.0)
    rack (1.4.1)
    rack-cache (1.2)
      rack (>= 0.4)
    rack-ssl (1.3.2)
      rack
    rack-test (0.6.2)
      rack (>= 1.0)
    rails (3.2.9)
      actionmailer (= 3.2.9)
      actionpack (= 3.2.9)
      activerecord (= 3.2.9)
      activeresource (= 3.2.9)
      activesupport (= 3.2.9)
      bundler (~> 1.0)
      railties (= 3.2.9)
    railties (3.2.9)
      actionpack (= 3.2.9)
      activesupport (= 3.2.9)
      rack-ssl (~> 1.3.2)
      rake (>= 0.8.7)
      rdoc (~> 3.4)
      thor (>= 0.14.6, < 2.0)
    rake (10.0.2)
    ransack (0.7.0)
      actionpack (~> 3.0)
      activerecord (~> 3.0)
      polyamorous (~> 0.5.0)
    rdoc (3.12)
      json (~> 1.4)
    sass (3.2.3)
    sass-rails (3.2.5)
      railties (~> 3.2.0)
      sass (>= 3.1.10)
      tilt (~> 1.3)
    select2-rails (3.2.1)
      thor (~> 0.14)
    sprockets (2.2.2)
      hike (~> 1.2)
      multi_json (~> 1.0)
      rack (~> 1.0)
      tilt (~> 1.1, != 1.3.0)
    state_machine (1.1.2)
    stringex (1.3.3)
    thor (0.16.0)
    tilt (1.3.3)
    treetop (1.4.12)
      polyglot
      polyglot (>= 0.3.1)
    tzinfo (0.3.35)
    uglifier (1.3.0)
      execjs (>= 0.3.0)
      multi_json (~> 1.0, >= 1.0.2)
    uuidtools (2.1.3)
    warden (1.1.1)
      rack (>= 1.0)

PLATFORMS
  ruby

DEPENDENCIES
  coffee-rails (~> 3.2.1)
  jquery-rails
  mysql2
  rails (= 3.2.9)
  rails-i18n!
  sass-rails (~> 3.2.3)
  spree!
  spree_auth_devise!
  spree_i18n!
  spree_paypal_express!
  spree_related_products!
  spree_reviews!
  spree_sermepa!
  spree_social_products!
  spree_static_content!
  spree_tbd_customization!
  spree_volume_pricing!
  uglifier (>= 1.0.3)
