GIT
  remote: https://github.com/daemonsy/spree_showcase.git
  revision: ff6fcf4130229beb83aa1d7be46661b4698ac40c
  branch: master
  specs:
    spree_showcase (0.6.0)
      spree_core (>= 1.3.0)

GIT
  remote: https://github.com/picazoH/spree_contact_us.git
  revision: f63d38dd36bce5cf094996b18e99555eb52f5fc1
  branch: master
  specs:
    spree_contact_us (1.1.0)
      spree_core (~> 1.3.1)

GIT
  remote: https://github.com/picazoH/spree_multi_lingual.git
  revision: 6d332ef67094da4cbcdffbafc4ded9dc1da9487f
  branch: 1-3-stable
  specs:
    spree_multi_lingual (1.0.0)
      coffee-rails
      easy_globalize3_accessors
      globalize3 (= 0.2.0)
      i18n
      rack-contrib
      routing-filter (~> 0.3.1)
      spree_core (~> 1.3)

GIT
  remote: https://github.com/spree/spree.git
  revision: 640f7c39f5f680a930177382fb0c9e48c936d6b4
  branch: 1-3-stable
  specs:
    spree (1.3.3.beta)
      spree_api (= 1.3.3.beta)
      spree_cmd (= 1.3.3.beta)
      spree_core (= 1.3.3.beta)
      spree_dash (= 1.3.3.beta)
      spree_promo (= 1.3.3.beta)
      spree_sample (= 1.3.3.beta)
    spree_api (1.3.3.beta)
      spree_core (= 1.3.3.beta)
      versioncake (= 0.4.0)
    spree_cmd (1.3.3.beta)
      thor (>= 0.14.6)
    spree_core (1.3.3.beta)
      activemerchant (~> 1.29.3)
      acts_as_list (= 0.1.4)
      awesome_nested_set (= 2.1.5)
      aws-sdk (~> 1.3.4)
      cancan (= 1.6.8)
      deface (>= 0.9.0)
      ffaker (~> 1.12.0)
      highline (= 1.6.11)
      jquery-rails (~> 2.2.0)
      json (>= 1.5.5)
      kaminari (= 0.13.0)
      money (= 5.0.0)
      paperclip (~> 2.8)
      rabl (= 0.7.2)
      rails (~> 3.2.12)
      ransack (= 0.7.2)
      select2-rails (~> 3.2)
      state_machine (= 1.1.2)
      stringex (~> 1.3.2)
      truncate_html (~> 0.5.5)
    spree_dash (1.3.3.beta)
      httparty (~> 0.8.1)
      spree_core (= 1.3.3.beta)
    spree_promo (1.3.3.beta)
      spree_core (= 1.3.3.beta)
    spree_sample (1.3.3.beta)
      spree_core (= 1.3.3.beta)

GIT
  remote: https://github.com/spree/spree_auth_devise
  revision: 78342b5fa7c5a378d5c2283bde654d9e140077fb
  branch: 1-3-stable
  specs:
    spree_auth_devise (1.0.0)
      cancan (~> 1.6.7)
      devise (~> 2.2.3)
      devise-encryptable (= 0.1.1)
      spree_core

GIT
  remote: https://github.com/spree/spree_i18n.git
  revision: 1d8702679919a9e4a8ead1db1682ded93b114625
  branch: 1-3-stable
  specs:
    spree_i18n (1.0.0)
      i18n (~> 0.5)
      rails-i18n
      spree_core (>= 1.1)

GIT
  remote: https://github.com/spree/spree_paypal_express.git
  revision: b96c501bc4d6a675b1c0c8e8e49b6a64cd0b622c
  branch: 1-3-stable
  specs:
    spree_paypal_express (1.2.0)
      spree_core (~> 1.3.0)

GIT
  remote: https://github.com/spree/spree_product_zoom.git
  revision: be2d9aa8cffe05775f08961607842ddb3407e9d6
  branch: 1-3-stable
  specs:
    spree_product_zoom (1.3)
      spree_core (~> 1.2)

GIT
  remote: https://github.com/spree/spree_related_products.git
  revision: 5def88e237577d452fac3d763af7a415e34b3d0c
  branch: 1-3-stable
  specs:
    spree_related_products (3.2)
      spree_core (~> 1.3.0)
      spree_promo (~> 1.3.0)

GIT
  remote: https://github.com/spree/spree_reviews.git
  revision: 0f21aa1282eb55aabee93891bac7652198c9575f
  branch: 1-3-stable
  specs:
    spree_reviews (1.0.0)
      spree_core (~> 1.3)

GIT
  remote: https://github.com/spree/spree_social_products.git
  revision: 637bb6905bcebe5ce3799f5f9f8fe4af888de40c
  branch: master
  specs:
    spree_social_products (1.2)
      spree_core (~> 1.2)

GIT
  remote: https://github.com/spree/spree_static_content.git
  revision: 4d58cbb8729278cfe84c38adac9cc153959d5a62
  branch: 1-3-stable
  specs:
    spree_static_content (1.1.0.beta)
      spree_core (~> 1.3.0)

GIT
  remote: https://github.com/spree/spree_volume_pricing
  revision: 471908c9c8bffaa5ebc05ad7c968daa6b6591591
  branch: 1-3-stable
  specs:
    spree_volume_pricing (3.3.0)
      spree_core (~> 1.1)

GIT
  remote: https://github.com/svenfuchs/globalize3.git
  revision: 3acfa8dd914ffe3911af17c5e8b0b25d3f0d3f6d
  tag: v0.2.0
  specs:
    globalize3 (0.2.0)
      activemodel (>= 3.0.0)
      activerecord (>= 3.0.0)
      paper_trail (~> 2)

GIT
  remote: https://github.com/svenfuchs/rails-i18n.git
  revision: 162a3e47e6c1a4c3868025190de69e4e1c184461
  specs:
    rails-i18n (0.7.2)
      i18n (~> 0.5)

PATH
  remote: ../spree_flat_in_range
  specs:
    spree_flat_in_range (0.1.0)
      spree_core (>= 1.1.0)

PATH
  remote: ../spree_kiala
  specs:
    spree_kiala (0.1.0)
      spree_core (>= 1.3.2)

PATH
  remote: ../spree_sermepa
  specs:
    spree_sermepa (1.2.3)
      active_merchant_sermepa (>= 0.1.1)
      spree_core (>= 1.1.4)

PATH
  remote: spree_tbd_customization
  specs:
    spree_tbd_customization (1.2.3.beta)

GEM
  remote: https://rubygems.org/
  specs:
    actionmailer (3.2.12)
      actionpack (= 3.2.12)
      mail (~> 2.4.4)
    actionpack (3.2.12)
      activemodel (= 3.2.12)
      activesupport (= 3.2.12)
      builder (~> 3.0.0)
      erubis (~> 2.7.0)
      journey (~> 1.0.4)
      rack (~> 1.4.5)
      rack-cache (~> 1.2)
      rack-test (~> 0.6.1)
      sprockets (~> 2.2.1)
    active_merchant_sermepa (0.1.1)
      activemerchant (>= 1.9.4)
    active_utils (1.0.5)
      activesupport (>= 2.3.11)
      i18n
    activemerchant (1.29.3)
      active_utils (>= 1.0.2)
      activesupport (>= 2.3.14)
      builder (>= 2.0.0)
      i18n
      json (>= 1.5.1)
      money
      nokogiri
    activemodel (3.2.12)
      activesupport (= 3.2.12)
      builder (~> 3.0.0)
    activerecord (3.2.12)
      activemodel (= 3.2.12)
      activesupport (= 3.2.12)
      arel (~> 3.0.2)
      tzinfo (~> 0.3.29)
    activeresource (3.2.12)
      activemodel (= 3.2.12)
      activesupport (= 3.2.12)
    activesupport (3.2.12)
      i18n (~> 0.6)
      multi_json (~> 1.0)
    acts_as_list (0.1.4)
    arel (3.0.2)
    awesome_nested_set (2.1.5)
      activerecord (>= 3.0.0)
    aws-sdk (1.3.9)
      httparty (~> 0.7)
      json (~> 1.4)
      nokogiri (>= 1.4.4)
      uuidtools (~> 2.1)
    bcrypt-ruby (3.0.1)
    builder (3.0.4)
    cancan (1.6.8)
    climate_control (0.0.3)
      activesupport (>= 3.0)
    cocaine (0.5.1)
      climate_control (>= 0.0.3, < 1.0)
    coffee-rails (3.2.2)
      coffee-script (>= 2.2.0)
      railties (~> 3.2.0)
    coffee-script (2.2.0)
      coffee-script-source
      execjs
    coffee-script-source (1.6.1)
    deface (0.9.1)
      nokogiri (~> 1.5.0)
      rails (~> 3.1)
    devise (2.2.3)
      bcrypt-ruby (~> 3.0)
      orm_adapter (~> 0.1)
      railties (~> 3.1)
      warden (~> 1.2.1)
    devise-encryptable (0.1.1)
      devise (>= 2.1.0.rc)
    easy_globalize3_accessors (1.2.0)
      globalize3 (~> 0.2.0.beta1)
    erubis (2.7.0)
    execjs (1.4.0)
      multi_json (~> 1.0)
    ffaker (1.12.1)
    highline (1.6.11)
    hike (1.2.1)
    httparty (0.8.3)
      multi_json (~> 1.0)
      multi_xml
    i18n (0.6.4)
    journey (1.0.4)
    jquery-rails (2.2.1)
      railties (>= 3.0, < 5.0)
      thor (>= 0.14, < 2.0)
    json (1.7.7)
    kaminari (0.13.0)
      actionpack (>= 3.0.0)
      activesupport (>= 3.0.0)
      railties (>= 3.0.0)
    mail (2.4.4)
      i18n (>= 0.4.0)
      mime-types (~> 1.16)
      treetop (~> 1.4.8)
    mime-types (1.21)
    money (5.0.0)
      i18n (~> 0.4)
      json
    multi_json (1.6.1)
    multi_xml (0.5.3)
    mysql2 (0.3.11)
    nokogiri (1.5.6)
    orm_adapter (0.4.0)
    paper_trail (2.7.1)
      activerecord (~> 3.0)
      railties (~> 3.0)
    paperclip (2.8.0)
      activerecord (>= 2.3.0)
      activesupport (>= 2.3.2)
      cocaine (>= 0.0.2)
      mime-types
    polyamorous (0.5.0)
      activerecord (~> 3.0)
    polyglot (0.3.3)
    rabl (0.7.2)
      activesupport (>= 2.3.14)
      multi_json (~> 1.0)
    rack (1.4.5)
    rack-cache (1.2)
      rack (>= 0.4)
    rack-contrib (1.1.0)
      rack (>= 0.9.1)
    rack-ssl (1.3.3)
      rack
    rack-test (0.6.2)
      rack (>= 1.0)
    rails (3.2.12)
      actionmailer (= 3.2.12)
      actionpack (= 3.2.12)
      activerecord (= 3.2.12)
      activeresource (= 3.2.12)
      activesupport (= 3.2.12)
      bundler (~> 1.0)
      railties (= 3.2.12)
    railties (3.2.12)
      actionpack (= 3.2.12)
      activesupport (= 3.2.12)
      rack-ssl (~> 1.3.2)
      rake (>= 0.8.7)
      rdoc (~> 3.4)
      thor (>= 0.14.6, < 2.0)
    rake (10.0.3)
    ransack (0.7.2)
      actionpack (~> 3.0)
      activerecord (~> 3.0)
      polyamorous (~> 0.5.0)
    rdoc (3.12.2)
      json (~> 1.4)
    routing-filter (0.3.1)
      actionpack
    sass (3.2.6)
    sass-rails (3.2.6)
      railties (~> 3.2.0)
      sass (>= 3.1.10)
      tilt (~> 1.3)
    select2-rails (3.3.0)
      sass-rails (~> 3.2)
      thor (~> 0.14)
    sprockets (2.2.2)
      hike (~> 1.2)
      multi_json (~> 1.0)
      rack (~> 1.0)
      tilt (~> 1.1, != 1.3.0)
    state_machine (1.1.2)
    stringex (1.3.3)
    thor (0.17.0)
    tilt (1.3.4)
    treetop (1.4.12)
      polyglot
      polyglot (>= 0.3.1)
    truncate_html (0.5.5)
    tzinfo (0.3.36)
    uglifier (1.3.0)
      execjs (>= 0.3.0)
      multi_json (~> 1.0, >= 1.0.2)
    uuidtools (2.1.3)
    versioncake (0.4.0)
      actionpack (>= 3.0)
      activesupport (>= 3.0)
      railties (>= 3.0)
    warden (1.2.1)
      rack (>= 1.0)

PLATFORMS
  ruby

DEPENDENCIES
  coffee-rails (~> 3.2.1)
  globalize3!
  jquery-rails (~> 2.2.0)
  mysql2
  rails (= 3.2.12)
  rails-i18n!
  sass-rails (~> 3.2.3)
  spree!
  spree_auth_devise!
  spree_contact_us!
  spree_flat_in_range!
  spree_i18n!
  spree_kiala!
  spree_multi_lingual!
  spree_paypal_express!
  spree_product_zoom!
  spree_related_products!
  spree_reviews!
  spree_sermepa!
  spree_showcase!
  spree_social_products!
  spree_static_content!
  spree_tbd_customization!
  spree_volume_pricing!
  uglifier (>= 1.0.3)
