GIT
  remote: https://github.com/daemonsy/spree_showcase.git
  revision: ff6fcf4130229beb83aa1d7be46661b4698ac40c
  branch: master
  specs:
    spree_showcase (0.6.0)
      spree_core (>= 1.3.0)

GIT
  remote: https://github.com/jdutil/spree_sitemap
  revision: 80331dc5a622ef417ffe09af94bcb40469282d14
  branch: master
  specs:
    spree_sitemap (2.0.0.beta)
      sitemap_generator (~> 4.0.1)
      spree_core (>= 1.0.0)

GIT
  remote: https://github.com/jipiboily/spree_multi_lingual.git
  revision: d4066e5ed002dcb42ef6c5785a2280651cf46ed8
  branch: 1-3-stable
  specs:
    spree_multi_lingual (1.0.0)
      coffee-rails
      easy_globalize3_accessors
      globalize3 (= 0.2.0)
      i18n
      rack-contrib
      routing-filter (~> 0.3.1)
      spree_core (~> 1.3)

GIT
  remote: https://github.com/jsqu99/spree_flexi_variants.git
  revision: 41eb2c71b3f0c6654ef095f2cf69cb07bfb6fe85
  branch: spree-1-3-stable
  specs:
    spree_flexi_variants (1.0.0)
      carrierwave
      mini_magick
      spree_core (~> 1.3)

GIT
  remote: https://github.com/picazoH/spree_contact_us.git
  revision: f63d38dd36bce5cf094996b18e99555eb52f5fc1
  branch: master
  specs:
    spree_contact_us (1.1.0)
      spree_core (~> 1.3.1)

GIT
  remote: https://github.com/picazoH/spree_kiala.git
  revision: 350b4276663befb32deab003b55d20a35daff710
  branch: master
  specs:
    spree_kiala (0.1.0)
      spree_core (>= 1.3.2)

GIT
  remote: https://github.com/picazoH/spree_sermepa.git
  revision: 74cecea8e5ccd5d04e8a9b2804296a8fbb73102e
  branch: master
  specs:
    spree_sermepa (1.2.3)
      active_merchant_sermepa (>= 0.1.1)
      spree_core (>= 1.1.4)

GIT
  remote: https://github.com/picazoH/spree_variant_all_options.git
  revision: fe3ecd1f184af4361f531cf7b685aa41f344027e
  branch: master
  specs:
    spree_variant_all_options (0.0.1)
      spree_core (>= 1.3)

GIT
  remote: https://github.com/picazoH/spree_variant_options.git
  revision: 4e24a8845311b6a74724b7044e06714519598fd9
  branch: 1-3-stable
  specs:
    spree_variant_options (0.5.0)
      spree_core (>= 1.1.1)

GIT
  remote: https://github.com/spree/spree.git
  revision: 666a9b9d357976fa798d8379d2a6a2bc9f763ea3
  branch: 1-3-stable
  specs:
    spree (1.3.3)
      spree_api (= 1.3.3)
      spree_cmd (= 1.3.3)
      spree_core (= 1.3.3)
      spree_promo (= 1.3.3)
      spree_sample (= 1.3.3)
    spree_api (1.3.3)
      spree_core (= 1.3.3)
      versioncake (= 0.4.0)
    spree_cmd (1.3.3)
      thor (>= 0.14.6)
    spree_core (1.3.3)
      activemerchant (~> 1.31)
      acts_as_list (= 0.1.4)
      awesome_nested_set (= 2.1.5)
      aws-sdk (~> 1.3.4)
      cancan (= 1.6.8)
      deface (>= 0.9.0)
      ffaker (~> 1.15.0)
      highline (= 1.6.18)
      jquery-rails (~> 2.2.0)
      json (>= 1.5.5)
      kaminari (= 0.13.0)
      money (= 5.0.0)
      paperclip (~> 2.8)
      rabl (= 0.7.2)
      rails (~> 3.2.13)
      ransack (= 0.7.2)
      select2-rails (= 3.2.1)
      state_machine (= 1.1.2)
      stringex (~> 1.3.2)
      truncate_html (~> 0.5.5)
    spree_promo (1.3.3)
      spree_core (= 1.3.3)
    spree_sample (1.3.3)
      spree_core (= 1.3.3)

GIT
  remote: https://github.com/spree/spree_auth_devise
  revision: 8fc2e7a169d126460a0c8fd99963bd51beb0d807
  branch: 1-3-stable
  specs:
    spree_auth_devise (1.0.0)
      cancan (~> 1.6.7)
      devise (~> 2.2.3)
      devise-encryptable (= 0.1.2)
      spree_core

GIT
  remote: https://github.com/spree/spree_editor.git
  revision: 10126b29f07ec4f96db075710ca2fedf98997298
  branch: 1-3-stable
  specs:
    spree_editor (1.0.1)
      ckeditor (~> 4.0.2)
      spree_core (>= 1.0.0)
      tinymce-rails (>= 3.4.7.0.1)

GIT
  remote: https://github.com/spree/spree_i18n.git
  revision: 3dba87cec2fca8c835c9491b51dc536bceb6a872
  branch: 1-3-stable
  specs:
    spree_i18n (1.0.0)
      i18n (~> 0.5)
      rails-i18n
      spree_core (>= 1.1)

GIT
  remote: https://github.com/spree/spree_paypal_express.git
  revision: d63b1c339bc75761ccd3026e233724bad260ca64
  branch: 1-3-stable
  specs:
    spree_paypal_express (1.2.0)
      spree_core (~> 1.3.0)

GIT
  remote: https://github.com/spree/spree_product_zoom.git
  revision: be2d9aa8cffe05775f08961607842ddb3407e9d6
  branch: 1-3-stable
  specs:
    spree_product_zoom (1.3)
      spree_core (~> 1.2)

GIT
  remote: https://github.com/spree/spree_related_products.git
  revision: 12d8a039a999ed3bd2fc92039a33e6cf8fb0c52e
  branch: 1-3-stable
  specs:
    spree_related_products (3.2)
      spree_core (~> 1.3.0)
      spree_promo (~> 1.3.0)

GIT
  remote: https://github.com/spree/spree_reviews.git
  revision: cfd53892417f7f1936fb40a6d4dbeb5247bb5aec
  branch: 1-3-stable
  specs:
    spree_reviews (1.0.0)
      spree_core (~> 1.3)

GIT
  remote: https://github.com/spree/spree_social.git
  revision: b556a548b6c6abbfcac3379f44851a4519b5fce8
  branch: 1-3-stable
  specs:
    spree_social (2.3.0)
      oa-core
      omniauth
      omniauth-facebook
      omniauth-github
      omniauth-google-oauth2
      omniauth-twitter
      spree_core (~> 1.3.0)

GIT
  remote: https://github.com/spree/spree_social_products.git
  revision: 637bb6905bcebe5ce3799f5f9f8fe4af888de40c
  branch: master
  specs:
    spree_social_products (1.2)
      spree_core (~> 1.2)

GIT
  remote: https://github.com/spree/spree_static_content.git
  revision: f5f90c05e75040e88e046bdef542371203ab6d75
  branch: 1-3-stable
  specs:
    spree_static_content (1.3.0.beta)
      spree_core (~> 1.3.0)

GIT
  remote: https://github.com/spree/spree_volume_pricing
  revision: c14a41ae625a6987d394fbf75d9400ba8af68b8e
  branch: master
  specs:
    spree_volume_pricing (3.3.0)
      spree_core (~> 1.1)

GIT
  remote: https://github.com/svenfuchs/globalize3.git
  revision: 3acfa8dd914ffe3911af17c5e8b0b25d3f0d3f6d
  tag: v0.2.0
  specs:
    globalize3 (0.2.0)
      activemodel (>= 3.0.0)
      activerecord (>= 3.0.0)
      paper_trail (~> 2)

GIT
  remote: https://github.com/svenfuchs/rails-i18n.git
  revision: 85e38421b3b931de973a7170c7d6265464fcaabe
  specs:
    rails-i18n (0.7.3)
      i18n (~> 0.5)

PATH
  remote: spree_tbd_customization
  specs:
    spree_tbd_customization (1.2.3.beta)

GEM
  remote: https://rubygems.org/
  specs:
    actionmailer (3.2.13)
      actionpack (= 3.2.13)
      mail (~> 2.5.3)
    actionpack (3.2.13)
      activemodel (= 3.2.13)
      activesupport (= 3.2.13)
      builder (~> 3.0.0)
      erubis (~> 2.7.0)
      journey (~> 1.0.4)
      rack (~> 1.4.5)
      rack-cache (~> 1.2)
      rack-test (~> 0.6.1)
      sprockets (~> 2.2.1)
    active_merchant_sermepa (0.1.1)
      activemerchant (>= 1.9.4)
    active_utils (1.0.5)
      activesupport (>= 2.3.11)
      i18n
    activemerchant (1.34.0)
      active_utils (>= 1.0.2)
      activesupport (>= 2.3.14)
      builder (>= 2.0.0)
      i18n
      json (>= 1.5.1)
      money
      nokogiri
    activemodel (3.2.13)
      activesupport (= 3.2.13)
      builder (~> 3.0.0)
    activerecord (3.2.13)
      activemodel (= 3.2.13)
      activesupport (= 3.2.13)
      arel (~> 3.0.2)
      tzinfo (~> 0.3.29)
    activeresource (3.2.13)
      activemodel (= 3.2.13)
      activesupport (= 3.2.13)
    activesupport (3.2.13)
      i18n (= 0.6.1)
      multi_json (~> 1.0)
    acts_as_list (0.1.4)
    arel (3.0.2)
    awesome_nested_set (2.1.5)
      activerecord (>= 3.0.0)
    aws-sdk (1.3.9)
      httparty (~> 0.7)
      json (~> 1.4)
      nokogiri (>= 1.4.4)
      uuidtools (~> 2.1)
    bcrypt-ruby (3.0.1)
    bootstrap-sass (2.3.2.0)
      sass (~> 3.2)
    builder (3.0.4)
    cancan (1.6.8)
    capistrano (2.14.2)
      highline
      net-scp (>= 1.0.0)
      net-sftp (>= 2.0.0)
      net-ssh (>= 2.0.14)
      net-ssh-gateway (>= 1.1.0)
    carrierwave (0.8.0)
      activemodel (>= 3.2.0)
      activesupport (>= 3.2.0)
    chronic (0.9.1)
    chunky_png (1.2.7)
    ckeditor (4.0.4)
      mime-types
      orm_adapter
    climate_control (0.0.3)
      activesupport (>= 3.0)
    cocaine (0.5.1)
      climate_control (>= 0.0.3, < 1.0)
    coffee-rails (3.2.2)
      coffee-script (>= 2.2.0)
      railties (~> 3.2.0)
    coffee-script (2.2.0)
      coffee-script-source
      execjs
    coffee-script-source (1.6.2)
    colorize (0.5.8)
    compass (0.12.2)
      chunky_png (~> 1.2)
      fssm (>= 0.2.7)
      sass (~> 3.1)
    compass-rails (1.0.3)
      compass (>= 0.12.2, < 0.14)
    deface (1.0.0.rc2)
      colorize (>= 0.5.8)
      nokogiri (~> 1.5.9)
      rails (~> 3.1)
    devise (2.2.4)
      bcrypt-ruby (~> 3.0)
      orm_adapter (~> 0.1)
      railties (~> 3.1)
      warden (~> 1.2.1)
    devise-encryptable (0.1.2)
      devise (>= 2.1.0)
    easy_globalize3_accessors (1.2.0)
      globalize3 (~> 0.2.0.beta1)
    erubis (2.7.0)
    execjs (1.4.0)
      multi_json (~> 1.0)
    faraday (0.8.7)
      multipart-post (~> 1.1)
    ffaker (1.15.0)
    foreman (0.62.0)
      thor (>= 0.13.6)
    fssm (0.2.9)
    hashie (1.2.0)
    highline (1.6.18)
    hike (1.2.3)
    httparty (0.11.0)
      multi_json (~> 1.0)
      multi_xml (>= 0.5.2)
    httpauth (0.2.0)
    i18n (0.6.1)
    journey (1.0.4)
    jquery-rails (2.2.2)
      railties (>= 3.0, < 5.0)
      thor (>= 0.14, < 2.0)
    json (1.8.0)
    jwt (0.1.8)
      multi_json (>= 1.5)
    kaminari (0.13.0)
      actionpack (>= 3.0.0)
      activesupport (>= 3.0.0)
      railties (>= 3.0.0)
    kgio (2.8.0)
    libv8 (3.11.8.17)
    mail (2.5.4)
      mime-types (~> 1.16)
      treetop (~> 1.4.8)
    mime-types (1.23)
    mini_magick (3.6.0)
      subexec (~> 0.2.1)
    money (5.0.0)
      i18n (~> 0.4)
      json
    multi_json (1.7.7)
    multi_xml (0.5.4)
    multipart-post (1.2.0)
    mysql2 (0.3.11)
    net-scp (1.1.0)
      net-ssh (>= 2.6.5)
    net-sftp (2.1.1)
      net-ssh (>= 2.6.5)
    net-ssh (2.6.6)
    net-ssh-gateway (1.2.0)
      net-ssh (>= 2.6.5)
    nokogiri (1.5.10)
    oa-core (0.3.2)
    oauth (0.4.7)
    oauth2 (0.8.1)
      faraday (~> 0.8)
      httpauth (~> 0.1)
      jwt (~> 0.1.4)
      multi_json (~> 1.0)
      rack (~> 1.2)
    omniauth (1.1.3)
      hashie (~> 1.2)
      rack
    omniauth-facebook (1.4.1)
      omniauth-oauth2 (~> 1.1.0)
    omniauth-github (1.1.0)
      omniauth (~> 1.0)
      omniauth-oauth2 (~> 1.1)
    omniauth-google-oauth2 (0.1.13)
      omniauth (~> 1.0)
      omniauth-oauth2
    omniauth-oauth (1.0.1)
      oauth
      omniauth (~> 1.0)
    omniauth-oauth2 (1.1.1)
      oauth2 (~> 0.8.0)
      omniauth (~> 1.0)
    omniauth-twitter (0.0.16)
      multi_json (~> 1.3)
      omniauth-oauth (~> 1.0)
    orm_adapter (0.4.0)
    paper_trail (2.7.1)
      activerecord (~> 3.0)
      railties (~> 3.0)
    paperclip (2.8.0)
      activerecord (>= 2.3.0)
      activesupport (>= 2.3.2)
      cocaine (>= 0.0.2)
      mime-types
    polyamorous (0.5.0)
      activerecord (~> 3.0)
    polyglot (0.3.3)
    rabl (0.7.2)
      activesupport (>= 2.3.14)
      multi_json (~> 1.0)
    rack (1.4.5)
    rack-cache (1.2)
      rack (>= 0.4)
    rack-contrib (1.1.0)
      rack (>= 0.9.1)
    rack-ssl (1.3.3)
      rack
    rack-test (0.6.2)
      rack (>= 1.0)
    rails (3.2.13)
      actionmailer (= 3.2.13)
      actionpack (= 3.2.13)
      activerecord (= 3.2.13)
      activeresource (= 3.2.13)
      activesupport (= 3.2.13)
      bundler (~> 1.0)
      railties (= 3.2.13)
    railties (3.2.13)
      actionpack (= 3.2.13)
      activesupport (= 3.2.13)
      rack-ssl (~> 1.3.2)
      rake (>= 0.8.7)
      rdoc (~> 3.4)
      thor (>= 0.14.6, < 2.0)
    raindrops (0.10.0)
    rake (10.1.0)
    ransack (0.7.2)
      actionpack (~> 3.0)
      activerecord (~> 3.0)
      polyamorous (~> 0.5.0)
    rdoc (3.12.2)
      json (~> 1.4)
    ref (1.0.5)
    routing-filter (0.3.1)
      actionpack
    sass (3.2.9)
    sass-rails (3.2.6)
      railties (~> 3.2.0)
      sass (>= 3.1.10)
      tilt (~> 1.3)
    select2-rails (3.2.1)
      thor (~> 0.14)
    sitemap_generator (4.0.1)
      builder
    sprockets (2.2.2)
      hike (~> 1.2)
      multi_json (~> 1.0)
      rack (~> 1.0)
      tilt (~> 1.1, != 1.3.0)
    state_machine (1.1.2)
    stringex (1.3.3)
    subexec (0.2.3)
    therubyracer (0.11.4)
      libv8 (~> 3.11.8.12)
      ref
    thor (0.18.1)
    tilt (1.4.1)
    tinymce-rails (3.5.8.2)
      railties (>= 3.1.1)
    treetop (1.4.14)
      polyglot
      polyglot (>= 0.3.1)
    truncate_html (0.5.5)
    turbo-sprockets-rails3 (0.3.6)
      railties (> 3.2.8, < 4.0.0)
      sprockets (>= 2.0.0)
    tzinfo (0.3.37)
    uglifier (2.0.1)
      execjs (>= 0.3.0)
      multi_json (~> 1.0, >= 1.0.2)
    unicorn (4.6.2)
      kgio (~> 2.6)
      rack
      raindrops (~> 0.7)
    uuidtools (2.1.4)
    versioncake (0.4.0)
      actionpack (>= 3.0)
      activesupport (>= 3.0)
      railties (>= 3.0)
    warden (1.2.1)
      rack (>= 1.0)
    whenever (0.8.2)
      activesupport (>= 2.3.4)
      chronic (>= 0.6.3)

PLATFORMS
  ruby

DEPENDENCIES
  bootstrap-sass (~> 2.3.2.0)
  capistrano
  ckeditor (~> 4.0.2)
  coffee-rails (~> 3.2.1)
  compass-rails
  deface (= 1.0.0.rc2)
  foreman
  globalize3!
  jquery-rails (~> 2.2.0)
  mysql2
  rails (= 3.2.13)
  rails-i18n!
  sass-rails (~> 3.2.3)
  spree!
  spree_auth_devise!
  spree_contact_us!
  spree_editor!
  spree_flexi_variants!
  spree_i18n!
  spree_kiala!
  spree_multi_lingual!
  spree_paypal_express!
  spree_product_zoom!
  spree_related_products!
  spree_reviews!
  spree_sermepa!
  spree_showcase!
  spree_sitemap!
  spree_social!
  spree_social_products!
  spree_static_content!
  spree_tbd_customization!
  spree_variant_all_options!
  spree_variant_options!
  spree_volume_pricing!
  therubyracer
  tinymce-rails (>= 3.4.7.0.1)
  turbo-sprockets-rails3
  uglifier (>= 1.0.3)
  unicorn
  whenever
